GEM
  remote: https://rubygems.org/
  specs:
    graphql (1.8.4)
    pg_query (1.0.2)

PLATFORMS
  ruby

DEPENDENCIES
  graphql
  pg_query

BUNDLED WITH
   1.16.2
